PATH
  remote: .
  specs:
    fancy_logger (0.0.1)
      outline (~> 0.1.5)
      rainbow (~> 1.1.3)

GEM
  remote: http://rubygems.org/
  specs:
    active_support (3.0.0)
      activesupport (= 3.0.0)
    activesupport (3.0.0)
    at (0.1.2)
      active_support (~> 3.0.0)
    diff-lcs (1.1.3)
    meta_tools (0.2.6)
    outline (0.1.5)
      meta_tools (~> 0.2.6)
    rainbow (1.1.3)
    rspec (2.6.0)
      rspec-core (~> 2.6.0)
      rspec-expectations (~> 2.6.0)
      rspec-mocks (~> 2.6.0)
    rspec-core (2.6.4)
    rspec-expectations (2.6.0)
      diff-lcs (~> 1.1.2)
    rspec-mocks (2.6.0)

PLATFORMS
  ruby

DEPENDENCIES
  at (~> 0.1.2)
  fancy_logger!
  rspec (~> 2.6.0)
